PATH
  remote: .
  specs:
    translate_columns (1.2.0)
      activerecord (>= 3.2.12, < 7.1.0)

GEM
  remote: http://rubygems.org/
  specs:
    activemodel (7.0.4.1)
      activesupport (= 7.0.4.1)
    activerecord (7.0.4.1)
      activemodel (= 7.0.4.1)
      activesupport (= 7.0.4.1)
    activesupport (7.0.4.1)
      concurrent-ruby (~> 1.0, >= 1.0.2)
      i18n (>= 1.6, < 2)
      minitest (>= 5.1)
      tzinfo (~> 2.0)
    concurrent-ruby (1.1.10)
    i18n (1.12.0)
      concurrent-ruby (~> 1.0)
    metaclass (0.0.1)
    minitest (5.17.0)
    mocha (0.13.3)
      metaclass (~> 0.0.1)
    rake (10.0.3)
    sqlite3 (1.3.7)
    tzinfo (2.0.5)
      concurrent-ruby (~> 1.0)

PLATFORMS
  ruby

DEPENDENCIES
  mocha (~> 0.13.3)
  rake (~> 10.0.3)
  sqlite3 (~> 1.3.7)
  translate_columns!
