PATH
  remote: .
  specs:
    translate_columns (1.2.0)
      activerecord (~> 3.2.12)

GEM
  remote: http://rubygems.org/
  specs:
    activemodel (3.2.22.5)
      activesupport (= 3.2.22.5)
      builder (~> 3.0.0)
    activerecord (3.2.22.5)
      activemodel (= 3.2.22.5)
      activesupport (= 3.2.22.5)
      arel (~> 3.0.2)
      tzinfo (~> 0.3.29)
    activesupport (3.2.22.5)
      i18n (~> 0.6, >= 0.6.4)
      multi_json (~> 1.0)
    arel (3.0.3)
    builder (3.0.4)
    concurrent-ruby (1.1.10)
    i18n (0.9.5)
      concurrent-ruby (~> 1.0)
    metaclass (0.0.1)
    mocha (0.13.3)
      metaclass (~> 0.0.1)
    multi_json (1.15.0)
    rake (10.0.3)
    sqlite3 (1.3.7)
    tzinfo (0.3.61)

PLATFORMS
  ruby

DEPENDENCIES
  mocha (~> 0.13.3)
  rake (~> 10.0.3)
  sqlite3 (~> 1.3.7)
  translate_columns!
